GEM
  remote: https://rubygems.org/
  specs:
    json (1.8.1)
    r18n-core (1.1.8)
    rack (1.5.2)
    rack-protection (1.5.2)
      rack
    shotgun (0.9)
      rack (>= 1.0)
    sinatra (1.4.4)
      rack (~> 1.4)
      rack-protection (~> 1.4)
      tilt (~> 1.3, >= 1.3.4)
    sinatra-iphone-views (1.0.0)
      sinatra (>= 1.0.a)
    sinatra-r18n (1.1.8)
      r18n-core (= 1.1.8)
      sinatra (>= 1.3)
    tilt (1.4.1)

PLATFORMS
  ruby

DEPENDENCIES
  json
  r18n-core
  shotgun
  sinatra
  sinatra-iphone-views
  sinatra-r18n
