GEM
  remote: http://rubygems.org/
  specs:
    haml (3.0.25)
    json (1.5.5)
    r18n-core (1.1.7)
    rack (1.5.2)
    rack-protection (1.5.2)
      rack
    shotgun (0.9)
      rack (>= 1.0)
    sinatra (1.3.0)
      rack (~> 1.3)
      rack-protection (~> 1.1)
      tilt (~> 1.3)
    sinatra-iphone-views (1.0.0)
      sinatra (>= 1.0.a)
    sinatra-r18n (1.1.7)
      r18n-core (= 1.1.7)
      sinatra (>= 1.3)
    slim (0.9.0)
      temple (~> 0.1.7)
      tilt (~> 1.2)
    temple (0.1.7)
    tilt (1.4.1)

PLATFORMS
  ruby
  x86-mingw32

DEPENDENCIES
  haml (= 3.0.25)
  json (= 1.5.5)
  r18n-core (= 1.1.7)
  shotgun
  sinatra (= 1.3.0)
  sinatra-iphone-views (= 1.0.0)
  sinatra-r18n (= 1.1.7)
  slim (= 0.9.0)
